GIT
  remote: https://github.com/ryanb/ruby-warrior.git
  revision: 03a9e73a7a09ea2b146e4d4abffc49844d6aacbb
  specs:
    rubywarrior (0.1.3)

GEM
  remote: https://rubygems.org/
  specs:

PLATFORMS
  x86_64-darwin-20
  x86_64-darwin-21

DEPENDENCIES
  rubywarrior!

RUBY VERSION
   ruby 3.0.1p64

BUNDLED WITH
   2.2.15
